GEM
  remote: https://rubygems.org/
  specs:
    aws-sdk (2.2.1)
      aws-sdk-resources (= 2.2.1)
    aws-sdk-core (2.2.1)
      jmespath (~> 1.0)
    aws-sdk-resources (2.2.1)
      aws-sdk-core (= 2.2.1)
    httparty (0.13.7)
      json (~> 1.8)
      multi_xml (>= 0.5.2)
    jmespath (1.1.3)
    json (1.8.1)
    mini_portile (0.6.2)
    multi_xml (0.5.5)
    nokogiri (1.6.6.4)
      mini_portile (~> 0.6.0)
    puma (2.14.0)
    rack (1.2.2)
    sinatra (1.2.6)
      rack (~> 1.1)
      tilt (>= 1.2.2, < 2.0)
    tilt (1.3)

PLATFORMS
  ruby

DEPENDENCIES
  aws-sdk
  httparty
  nokogiri
  puma
  sinatra

BUNDLED WITH
   1.10.6
